GEM
  remote: https://rubygems.org/
  specs:
    awesome_print (1.8.0)
    httparty (0.16.0)
      multi_xml (>= 0.5.2)
    mini_portile2 (2.3.0)
    multi_xml (0.6.0)
    mustermann (1.0.2)
    nokogiri (1.8.2)
      mini_portile2 (~> 2.3.0)
    picobrew-api (0.1.3)
      httparty (~> 0.15)
      nokogiri (~> 1.8)
    puma (3.11.2)
    rack (2.0.4)
    rack-protection (2.0.1)
      rack
    shotgun (0.9.2)
      rack (>= 1.0)
    sinatra (2.0.1)
      mustermann (~> 1.0)
      rack (~> 2.0)
      rack-protection (= 2.0.1)
      tilt (~> 2.0)
    sinatra-cross_origin (0.4.0)
    tilt (2.0.8)

PLATFORMS
  ruby

DEPENDENCIES
  awesome_print
  picobrew-api
  puma
  rack
  shotgun
  sinatra
  sinatra-cross_origin

BUNDLED WITH
   1.16.0
