GEM
  remote: https://rubygems.org/
  specs:
    awesome_print (1.8.0)
    httparty (0.16.0)
      multi_xml (>= 0.5.2)
    mini_portile2 (2.4.0)
    multi_xml (0.6.0)
    mustermann (2.0.2)
      ruby2_keywords (~> 0.0.1)
    nokogiri (1.10.7)
      mini_portile2 (~> 2.4.0)
    picobrew-api (0.1.3)
      httparty (~> 0.15)
      nokogiri (~> 1.8)
    puma (3.12.2)
    rack (2.2.4)
    rack-protection (2.2.3)
      rack
    ruby2_keywords (0.0.5)
    shotgun (0.9.2)
      rack (>= 1.0)
    sinatra (2.2.3)
      mustermann (~> 2.0)
      rack (~> 2.2)
      rack-protection (= 2.2.3)
      tilt (~> 2.0)
    sinatra-cross_origin (0.4.0)
    tilt (2.0.11)

PLATFORMS
  ruby

DEPENDENCIES
  awesome_print
  picobrew-api
  puma (~> 3.12)
  rack (~> 2.0)
  shotgun
  sinatra (~> 2.2)
  sinatra-cross_origin

BUNDLED WITH
   2.0.2
