GIT
  remote: https://github.com/toddq/picobrew-api.git
  revision: cc0c50071c7301f694aba4968543870669d42733
  specs:
    picobrew-api (0.1.1)
      httparty (~> 0.15)
      nokogiri (~> 1.8)

GEM
  remote: https://rubygems.org/
  specs:
    awesome_print (1.8.0)
    httparty (0.15.6)
      multi_xml (>= 0.5.2)
    mini_portile2 (2.3.0)
    multi_xml (0.6.0)
    mustermann (1.0.1)
    nokogiri (1.8.1)
      mini_portile2 (~> 2.3.0)
    puma (3.10.0)
    rack (2.0.3)
    rack-protection (2.0.0)
      rack
    shotgun (0.9.2)
      rack (>= 1.0)
    sinatra (2.0.0)
      mustermann (~> 1.0)
      rack (~> 2.0)
      rack-protection (= 2.0.0)
      tilt (~> 2.0)
    sinatra-cross_origin (0.4.0)
    tilt (2.0.8)

PLATFORMS
  ruby

DEPENDENCIES
  awesome_print
  picobrew-api!
  puma
  rack
  shotgun
  sinatra
  sinatra-cross_origin

BUNDLED WITH
   1.15.4
